GEM
  remote: http://rubygems.org/
  specs:
    activesupport (3.2.11)
      i18n (~> 0.6)
      multi_json (~> 1.0)
    chronic (0.9.0)
    configus (0.0.4)
      rake
    daemons (1.1.9)
    diff-lcs (1.1.3)
    dropbox-api (0.3.2)
      hashie
      multi_json
      oauth
    hashie (1.2.0)
    i18n (0.6.1)
    multi_json (1.5.0)
    oauth (0.4.7)
    rake (10.0.3)
    rspec (2.11.0)
      rspec-core (~> 2.11.0)
      rspec-expectations (~> 2.11.0)
      rspec-mocks (~> 2.11.0)
    rspec-core (2.11.1)
    rspec-expectations (2.11.2)
      diff-lcs (~> 1.1.3)
    rspec-mocks (2.11.2)
    sqlite3 (1.3.7)
    whenever (0.8.2)
      activesupport (>= 2.3.4)
      chronic (>= 0.6.3)

PLATFORMS
  ruby

DEPENDENCIES
  configus
  daemons
  dropbox-api
  oauth
  rspec
  sqlite3
  whenever
